GEM
  remote: https://rubygems.org/
  specs:
    aws-sdk (2.3.17)
      aws-sdk-resources (= 2.3.17)
    aws-sdk-core (2.3.17)
      jmespath (~> 1.0)
    aws-sdk-resources (2.3.17)
      aws-sdk-core (= 2.3.17)
    jmespath (1.2.4)
      json_pure (>= 1.8.1)
    json_pure (1.8.3)
    open4 (1.3.4)
    thor (0.19.1)
    vara (0.22.0)
      aws-sdk (~> 2)
      open4
      thor

PLATFORMS
  ruby

DEPENDENCIES
  vara

BUNDLED WITH
   1.12.5
